GEM
  remote: https://rubygems.org/
  specs:
    addressable (2.7.0)
      public_suffix (>= 2.0.2, < 5.0)
    chef-api (0.10.5)
      mime-types
      mixlib-log (>= 1, < 4)
    community_cookbook_releaser (1.2.0)
      octokit
    faraday (1.0.1)
      multipart-post (>= 1.2, < 3)
    mime-types (3.3.1)
      mime-types-data (~> 3.2015)
    mime-types-data (3.2020.0512)
    mixlib-log (3.0.8)
    multipart-post (2.1.1)
    octokit (4.18.0)
      faraday (>= 0.9)
      sawyer (~> 0.8.0, >= 0.5.3)
    public_suffix (4.0.5)
    rake (10.2.2)
    sawyer (0.8.2)
      addressable (>= 2.3.5)
      faraday (> 0.8, < 2.0)
    stove (7.1.6)
      chef-api (~> 0.5)
      mixlib-log (>= 2.0)
    tomlrb (1.3.0)

PLATFORMS
  ruby

DEPENDENCIES
  community_cookbook_releaser
  rake
  stove
  tomlrb

BUNDLED WITH
   1.17.3
